PATH
  remote: .
  specs:
    knife-rackspace (0.5.12)
      fog (~> 0.8.2)

GEM
  remote: http://rubygems.org/
  specs:
    builder (3.0.0)
    excon (0.6.6)
    fog (0.8.2)
      builder
      excon (~> 0.6.1)
      formatador (>= 0.1.3)
      json
      mime-types
      net-ssh (>= 2.1.3)
      nokogiri (>= 1.4.4)
      ruby-hmac
    formatador (0.2.1)
    json (1.6.6)
    mime-types (1.18)
    net-ssh (2.3.0)
    nokogiri (1.5.2)
    ruby-hmac (0.4.0)

PLATFORMS
  ruby

DEPENDENCIES
  knife-rackspace!
